GEM
  remote: http://rubygems.org/
  specs:
    chunky_png (1.1.1)
    coderay (0.9.8)
    compass (0.11.1)
      chunky_png (~> 1.1)
      fssm (>= 0.2.7)
      sass (~> 3.1)
    fssm (0.2.7)
    haml (3.1.1)
    maruku (0.6.0)
      syntax (>= 1.0.0)
    rack (1.2.2)
    sass (3.1.1)
    staticmatic (0.11.1)
      compass (>= 0.10.0)
      haml (>= 2.0.0)
      rack (>= 1.0)
    syntax (1.0.0)

PLATFORMS
  ruby

DEPENDENCIES
  coderay
  compass
  haml
  maruku (>= 0.6.0)
  rack
  sass
  staticmatic
